GEM
  remote: https://rubygems.org/
  specs:
    ast (2.4.0)
    hike (1.2.3)
    minitest (5.11.3)
    opal (0.11.3)
      ast (>= 2.3.0)
      hike (~> 1.2)
      parser (= 2.3.3.1)
      sourcemap (~> 0.1.0)
    parallel (1.12.1)
    parser (2.3.3.1)
      ast (~> 2.2)
    powerpack (0.1.2)
    rainbow (2.2.2)
      rake
    rake (12.3.1)
    rubocop (0.51.0)
      parallel (~> 1.10)
      parser (>= 2.3.3.1, < 3.0)
      powerpack (~> 0.1)
      rainbow (>= 2.2.2, < 3.0)
      ruby-progressbar (~> 1.7)
      unicode-display_width (~> 1.0, >= 1.0.1)
    ruby-progressbar (1.10.0)
    ruby2d (0.5.1)
      opal (~> 0.11)
    sourcemap (0.1.1)
    unicode-display_width (1.4.0)
    yard (0.9.16)

PLATFORMS
  ruby

DEPENDENCIES
  minitest
  rubocop
  ruby2d
  yard

RUBY VERSION
   ruby 2.5.1p57

BUNDLED WITH
   1.16.4
