GEM
  remote: https://rubygems.org/
  specs:
    ast (2.4.0)
    hike (1.2.3)
    minitest (5.11.3)
    opal (0.11.3)
      ast (>= 2.3.0)
      hike (~> 1.2)
      parser (= 2.3.3.1)
      sourcemap (~> 0.1.0)
    parser (2.3.3.1)
      ast (~> 2.2)
    ruby2d (0.5.1)
      opal (~> 0.11)
    sourcemap (0.1.1)
    yard (0.9.16)

PLATFORMS
  ruby

DEPENDENCIES
  minitest
  ruby2d
  yard

RUBY VERSION
   ruby 2.5.1p57

BUNDLED WITH
   1.16.4
